GEM
  remote: https://rubygems.org/
  specs:
    coderay (1.1.3)
    method_source (1.1.0)
    pry (0.15.0)
      coderay (~> 1.1)
      method_source (~> 1.0)

PLATFORMS
  x64-mingw-ucrt

DEPENDENCIES
  pry

BUNDLED WITH
   2.5.16
